##TITLE= Parameter file, XWIN-NMR		Version 2.6
##JCAMPDX= 5.0
##DATATYPE= Parameter Values
##ORIGIN= Bruker Analytik GmbH
##OWNER= marat
$$ Sat Nov 15 13:35:25 2003 CST (UT-6h)  marat@avance300
$$ /u/data/marat/nmr/strychnine/4/pdata/1//proc
##$ABSF1= 1000
##$ABSF2= -1000
##$ABSG= 5
##$ABSL= 3
##$ALPHA= 0
##$AQORDER= 0
##$ASSFAC= 0
##$ASSFACI= 0
##$ASSFACX= 0
##$ASSWID= 0
##$AUNMP= <proc_2dpl>
##$AZFE= 0.1
##$AZFW= 0.5
##$BCFW= 1
##$BC_mod= 2
##$BYTORDP= 1
##$COROFFS= 0
##$DATMOD= 1
##$DC= 1
##$DFILT= <>
##$DTYPP= 0
##$FCOR= 0.5
##$FTSIZE= 0
##$FT_mod= 0
##$GAMMA= 1
##$GB= 0
##$INTBC= 1
##$INTSCL= 1
##$ISEN= 128
##$LB= 0
##$LEV0= 35
##$LPBIN= 0
##$MAXI= 10000
##$MC2= 0
##$MEAN= 0
##$ME_mod= 0
##$MI= 0
##$NCOEF= 0
##$NC_proc= 0
##$NLEV= 6
##$NOISF1= 0
##$NOISF2= 0
##$NSP= 1
##$NTH_PI= 0
##$NZP= 1
##$OFFSET= 8.648671
##$PC= 1.4
##$PHC0= 6.842969
##$PHC1= -22.00748
##$PH_mod= 0
##$PKNL= yes
##$PPARMOD= 1
##$PSCAL= 0
##$PSIGN= 0
##$REVERSE= no
##$SF= 300.1300060026
##$SI= 2048
##$SIGF1= 0
##$SIGF2= 0
##$SINO= 16
##$SIOLD= 1024
##$SREGLST= <off.CDCl3>
##$SSB= 0
##$STSI= 0
##$STSR= 0
##$SW_p= 7.93303297037065
##$SYMM= 0
##$S_DEV= 0
##$TDeff= 0
##$TDoff= 0
##$TI= <Strychnine test for SpinWorks referencing
INV4GSLPLRNDSW CDCl3 u marat >
##$TILT= no
##$TM1= 0
##$TM2= 0
##$TOPLEV= 100
##$USERP1= <user>
##$USERP2= <user>
##$USERP3= <user>
##$USERP4= <user>
##$USERP5= <user>
##$WDW= 3
##$XDIM= 64
##$YMAX_p= 0
##$YMIN_p= 0
##END=
